PATH
  remote: .
  specs:
    autoversion (0.5.3)
      git (= 1.2.5)
      semantic (= 1.1.0)
      thor (= 0.17.0)

GEM
  remote: https://rubygems.org/
  specs:
    diff-lcs (1.2.5)
    git (1.2.5)
    rspec (2.13.0)
      rspec-core (~> 2.13.0)
      rspec-expectations (~> 2.13.0)
      rspec-mocks (~> 2.13.0)
    rspec-core (2.13.1)
    rspec-expectations (2.13.0)
      diff-lcs (>= 1.1.3, < 2.0)
    rspec-mocks (2.13.1)
    semantic (1.1.0)
    thor (0.17.0)

PLATFORMS
  ruby

DEPENDENCIES
  autoversion!
  rspec (= 2.13.0)
